GEM
  remote: https://rubygems.org/
  specs:
    rack (2.2.3)
    sinatra (1.0)
      rack (>= 1.0)

PLATFORMS
  ruby

DEPENDENCIES
  sinatra (~> 1.0.0)

BUNDLED WITH
   1.10.3
